GEM
  remote: https://rubygems.org/
  specs:
    amq-protocol (2.3.1)
    ast (2.4.1)
    bunny (2.14.4)
      amq-protocol (~> 2.3, >= 2.3.0)
    diff-lcs (1.4.2)
    effin_utf8 (1.0)
    erubis (2.7.0)
    faraday (0.17.3)
      multipart-post (>= 1.2, < 3)
    faraday_middleware (0.14.0)
      faraday (>= 0.7.4, < 1.0)
    hashie (3.6.0)
    mqtt (0.5.0)
    multi_json (1.13.1)
    multipart-post (2.1.1)
    mustermann (2.0.2)
      ruby2_keywords (~> 0.0.1)
    nio4r (2.5.8)
    parallel (1.19.2)
    parser (2.7.1.4)
      ast (~> 2.4.1)
    puma (4.3.12)
      nio4r (~> 2.0)
    rabbitmq_http_api_client (1.13.0)
      faraday (>= 0.15, < 1)
      faraday_middleware (>= 0.13.0, < 1)
      hashie (~> 3.6)
      multi_json (~> 1.13.1)
    rack (2.2.6.2)
    rack-protection (2.2.3)
      rack
    rainbow (3.0.0)
    regexp_parser (1.7.1)
    rexml (3.2.5)
    rspec (3.9.0)
      rspec-core (~> 3.9.0)
      rspec-expectations (~> 3.9.0)
      rspec-mocks (~> 3.9.0)
    rspec-core (3.9.2)
      rspec-support (~> 3.9.3)
    rspec-expectations (3.9.2)
      diff-lcs (>= 1.2.0, < 2.0)
      rspec-support (~> 3.9.0)
    rspec-mocks (3.9.1)
      diff-lcs (>= 1.2.0, < 2.0)
      rspec-support (~> 3.9.0)
    rspec-support (3.9.3)
    rubocop (0.86.0)
      parallel (~> 1.10)
      parser (>= 2.7.0.1)
      rainbow (>= 2.2.2, < 4.0)
      regexp_parser (>= 1.7)
      rexml
      rubocop-ast (>= 0.0.3, < 1.0)
      ruby-progressbar (~> 1.7)
      unicode-display_width (>= 1.4.0, < 2.0)
    rubocop-ast (0.0.3)
      parser (>= 2.7.0.1)
    ruby-progressbar (1.10.1)
    ruby2_keywords (0.0.5)
    sinatra (2.2.3)
      mustermann (~> 2.0)
      rack (~> 2.2)
      rack-protection (= 2.2.3)
      tilt (~> 2.0)
    sinatra-contrib (2.2.3)
      multi_json
      mustermann (~> 2.0)
      rack-protection (= 2.2.3)
      sinatra (= 2.2.3)
      tilt (~> 2.0)
    stomp (1.4.9)
    tilt (2.0.11)
    unicode-display_width (1.7.0)

PLATFORMS
  ruby

DEPENDENCIES
  bunny (~> 2.14.4)
  effin_utf8
  erubis
  faraday
  mqtt (~> 0.5.0)
  multi_json
  puma
  rabbitmq_http_api_client (>= 1.13.0)
  rspec
  rubocop
  sinatra
  sinatra-contrib
  stomp (~> 1.4.9)
