GEM
  remote: https://rubygems.org/
  specs:
    addressable (2.8.1)
      public_suffix (>= 2.0.2, < 6.0)
    amq-protocol (2.3.1)
    ast (2.4.1)
    bunny (2.14.4)
      amq-protocol (~> 2.3, >= 2.3.0)
    diff-lcs (1.5.0)
    effin_utf8 (1.0)
    erubis (2.7.0)
    faraday (1.10.3)
      faraday-em_http (~> 1.0)
      faraday-em_synchrony (~> 1.0)
      faraday-excon (~> 1.1)
      faraday-httpclient (~> 1.0)
      faraday-multipart (~> 1.0)
      faraday-net_http (~> 1.0)
      faraday-net_http_persistent (~> 1.0)
      faraday-patron (~> 1.0)
      faraday-rack (~> 1.0)
      faraday-retry (~> 1.0)
      ruby2_keywords (>= 0.0.4)
    faraday-em_http (1.0.0)
    faraday-em_synchrony (1.0.0)
    faraday-excon (1.1.0)
    faraday-httpclient (1.0.1)
    faraday-multipart (1.0.4)
      multipart-post (~> 2)
    faraday-net_http (1.0.1)
    faraday-net_http_persistent (1.2.0)
    faraday-patron (1.0.0)
    faraday-rack (1.0.0)
    faraday-retry (1.0.3)
    faraday_middleware (1.2.0)
      faraday (~> 1.0)
    hashie (4.1.0)
    mqtt (0.5.0)
    multi_json (1.15.0)
    multipart-post (2.3.0)
    mustermann (3.0.0)
      ruby2_keywords (~> 0.0.1)
    nio4r (2.5.8)
    parallel (1.19.2)
    parser (2.7.1.4)
      ast (~> 2.4.1)
    public_suffix (5.0.1)
    puma (6.0.2)
      nio4r (~> 2.0)
    rabbitmq_http_api_client (2.2.0)
      addressable (~> 2.7)
      faraday (~> 1.3)
      faraday_middleware (~> 1.2)
      hashie (~> 4.1)
      multi_json (~> 1.15)
    rack (2.2.6.2)
    rack-protection (3.0.5)
      rack
    rainbow (3.0.0)
    regexp_parser (1.7.1)
    rexml (3.2.5)
    rspec (3.12.0)
      rspec-core (~> 3.12.0)
      rspec-expectations (~> 3.12.0)
      rspec-mocks (~> 3.12.0)
    rspec-core (3.12.0)
      rspec-support (~> 3.12.0)
    rspec-expectations (3.12.2)
      diff-lcs (>= 1.2.0, < 2.0)
      rspec-support (~> 3.12.0)
    rspec-mocks (3.12.3)
      diff-lcs (>= 1.2.0, < 2.0)
      rspec-support (~> 3.12.0)
    rspec-support (3.12.0)
    rubocop (0.86.0)
      parallel (~> 1.10)
      parser (>= 2.7.0.1)
      rainbow (>= 2.2.2, < 4.0)
      regexp_parser (>= 1.7)
      rexml
      rubocop-ast (>= 0.0.3, < 1.0)
      ruby-progressbar (~> 1.7)
      unicode-display_width (>= 1.4.0, < 2.0)
    rubocop-ast (0.0.3)
      parser (>= 2.7.0.1)
    ruby-progressbar (1.10.1)
    ruby2_keywords (0.0.5)
    sinatra (3.0.5)
      mustermann (~> 3.0)
      rack (~> 2.2, >= 2.2.4)
      rack-protection (= 3.0.5)
      tilt (~> 2.0)
    sinatra-contrib (3.0.5)
      multi_json
      mustermann (~> 3.0)
      rack-protection (= 3.0.5)
      sinatra (= 3.0.5)
      tilt (~> 2.0)
    stomp (1.4.10)
    tilt (2.0.11)
    unicode-display_width (1.7.0)

PLATFORMS
  ruby

DEPENDENCIES
  bunny (~> 2.14.4)
  effin_utf8
  erubis
  faraday
  mqtt (~> 0.5.0)
  multi_json
  puma
  rabbitmq_http_api_client (>= 1.13.0)
  rspec
  rubocop
  sinatra
  sinatra-contrib
  stomp (~> 1.4.10)

RUBY VERSION
   ruby 2.7.7p221

BUNDLED WITH
   2.3.26
